PATH
  remote: .
  specs:
    git_spelunk (0.0.1)
      grit

GEM
  remote: http://rubygems.org/
  specs:
    diff-lcs (1.2.5)
    grit (2.5.0)
      diff-lcs (~> 1.1)
      mime-types (~> 1.15)
      posix-spawn (~> 0.3.6)
    mime-types (1.25)
    posix-spawn (0.3.6)

PLATFORMS
  ruby

DEPENDENCIES
  git_spelunk!
