PATH
  remote: .
  specs:
    git_spelunk (0.1.1)
      grit

GEM
  remote: http://rubygems.org/
  specs:
    bump (0.4.2)
    columnize (0.3.6)
    debugger (1.6.2)
      columnize (>= 0.3.1)
      debugger-linecache (~> 1.2.0)
      debugger-ruby_core_source (~> 1.2.3)
    debugger-linecache (1.2.0)
    debugger-ruby_core_source (1.2.3)
    diff-lcs (1.2.5)
    grit (2.5.0)
      diff-lcs (~> 1.1)
      mime-types (~> 1.15)
      posix-spawn (~> 0.3.6)
    mime-types (1.25)
    posix-spawn (0.3.6)
    rake (10.1.0)

PLATFORMS
  ruby

DEPENDENCIES
  bump
  debugger
  git_spelunk!
  rake
